PATH
  remote: .
  specs:
    gattica (0.6.1)
      hpricot
      test-unit

GEM
  remote: http://rubygems.org/
  specs:
    hpricot (0.8.6)
    test-unit (2.4.8)

PLATFORMS
  ruby

DEPENDENCIES
  gattica!
  hpricot
